PATH
  remote: .
  specs:
    terraform_dsl (0.0.4)
      thor (~> 0.19)

GEM
  remote: https://rubygems.org/
  specs:
    docile (1.1.5)
    json (1.8.2)
    minitest (5.6.1)
    rake (10.4.2)
    simplecov (0.10.0)
      docile (~> 1.1.0)
      json (~> 1.8)
      simplecov-html (~> 0.10.0)
    simplecov-html (0.10.0)
    thor (0.19.1)

PLATFORMS
  ruby

DEPENDENCIES
  bundler
  minitest (~> 5.6)
  rake
  simplecov (= 0.10.0)
  terraform_dsl!
